GEM
  remote: https://rubygems.org/
  specs:
    gosu (1.2.0)
    minigl (2.3.6)
      gosu (>= 0.11, < 2.0)

PLATFORMS
  x86_64-linux

DEPENDENCIES
  minigl (~> 2.3.6)

RUBY VERSION
   ruby 3.0.1p64

BUNDLED WITH
   2.2.15
