GEM
  remote: https://rubygems.org/
  specs:
    gosu (1.4.6)
    minigl (2.4.3)
      gosu (>= 0.11, < 2.0)

PLATFORMS
  x86_64-linux

DEPENDENCIES
  minigl (>= 2.4.3)

RUBY VERSION
   ruby 3.0.6p216

BUNDLED WITH
   2.2.33
